GEM
  remote: https://rubygems.org/
  specs:
    activesupport (6.1.4.1)
      concurrent-ruby (~> 1.0, >= 1.0.2)
      i18n (>= 1.6, < 2)
      minitest (>= 5.1)
      tzinfo (~> 2.0)
      zeitwerk (~> 2.3)
    amazing_print (1.4.0)
    carmen (1.1.3)
      activesupport (>= 3.0.0)
    concurrent-ruby (1.1.9)
    ebnf (2.2.1)
      amazing_print (~> 1.2)
      htmlentities (~> 4.3)
      rdf (~> 3.1)
      scanf (~> 1.0)
      sxp (~> 1.1)
      unicode-types (~> 1.6)
    hamster (3.0.0)
      concurrent-ruby (~> 1.0)
    htmlentities (4.3.4)
    i18n (1.8.11)
      concurrent-ruby (~> 1.0)
    i18n_data (0.13.0)
    link_header (0.0.8)
    minitest (5.14.4)
    rdf (3.1.15)
      hamster (~> 3.0)
      link_header (~> 0.0, >= 0.0.8)
    rdf-turtle (3.1.3)
      ebnf (~> 2.1)
      rdf (~> 3.1, >= 3.1.8)
    rdf-vocab (3.1.14)
      rdf (~> 3.1, >= 3.1.12)
    scanf (1.0.0)
    sxp (1.1.0)
      rdf (~> 3.1)
    tzinfo (2.0.4)
      concurrent-ruby (~> 1.0)
    unicode-types (1.7.0)
    zeitwerk (2.5.1)

PLATFORMS
  x86_64-linux

DEPENDENCIES
  carmen
  i18n_data
  rdf
  rdf-turtle
  rdf-vocab

BUNDLED WITH
   2.2.17
