GEM
  remote: https://rubygems.org/
  specs:
    activesupport (7.0.1)
      concurrent-ruby (~> 1.0, >= 1.0.2)
      i18n (>= 1.6, < 2)
      minitest (>= 5.1)
      tzinfo (~> 2.0)
    amazing_print (1.4.0)
    carmen (1.1.3)
      activesupport (>= 3.0.0)
    concurrent-ruby (1.1.9)
    ebnf (2.3.0)
      amazing_print (~> 1.4)
      htmlentities (~> 4.3)
      rdf (~> 3.2)
      scanf (~> 1.0)
      sxp (~> 1.2)
      unicode-types (~> 1.7)
    htmlentities (4.3.4)
    i18n (1.8.11)
      concurrent-ruby (~> 1.0)
    i18n_data (0.15.0)
      simple_po_parser (~> 1.1)
    link_header (0.0.8)
    matrix (0.4.2)
    minitest (5.15.0)
    rdf (3.2.2)
      link_header (~> 0.0, >= 0.0.8)
    rdf-turtle (3.2.0)
      ebnf (~> 2.3)
      rdf (~> 3.2)
    rdf-vocab (3.2.0)
      rdf (~> 3.2)
    scanf (1.0.0)
    simple_po_parser (1.1.5)
    sxp (1.2.0)
      matrix
      rdf (~> 3.2)
    tzinfo (2.0.4)
      concurrent-ruby (~> 1.0)
    unicode-types (1.7.0)

PLATFORMS
  x86_64-linux

DEPENDENCIES
  carmen
  i18n_data
  rdf (>= 3.2)
  rdf-turtle
  rdf-vocab

BUNDLED WITH
   2.2.17
